GEM
  remote: https://rubygems.org/
  specs:
    addressable (2.8.5)
      public_suffix (>= 2.0.2, < 6.0)
    base64 (0.2.0)
    dotenv (2.8.1)
    faraday (2.7.12)
      base64
      faraday-net_http (>= 2.0, < 3.1)
      ruby2_keywords (>= 0.0.4)
    faraday-gzip (2.0.0)
      faraday (>= 1.0)
      zlib (~> 3.0)
    faraday-net_http (3.0.2)
    json (2.7.1)
    lokalise_manager (5.0.0)
      ruby-lokalise-api (~> 9.0)
      rubyzip (~> 2.3)
      zeitwerk (~> 2.4)
    public_suffix (5.0.4)
    ruby-lokalise-api (9.0.0)
      addressable (~> 2.5)
      faraday (~> 2.0)
      faraday-gzip (~> 2.0)
      json (~> 2)
      zeitwerk (~> 2.4)
    ruby2_keywords (0.0.5)
    rubyzip (2.3.2)
    zeitwerk (2.6.12)
    zlib (3.1.0)

PLATFORMS
  x64-mingw-ucrt
  x64-mingw32

DEPENDENCIES
  dotenv (~> 2.8)
  lokalise_manager (~> 5.0)
  ruby-lokalise-api (~> 9.0)

BUNDLED WITH
   2.3.5
